GIT
  remote: git@github.com:zerohun/stanford-core-nlp.git
  revision: 7bfdecdef2f1e67fea89289e54b28fad3b8fc795
  specs:
    stanford-core-nlp (0.5.1)
      bind-it (~> 0.2.5)

GEM
  remote: https://rubygems.org/
  specs:
    activesupport (4.0.0.rc2)
      i18n (~> 0.6, >= 0.6.4)
      minitest (~> 4.2)
      multi_json (~> 1.3)
      thread_safe (~> 0.1)
      tzinfo (~> 0.3.37)
    atomic (1.1.9)
    bind-it (0.2.7)
      rjb (~> 1.4.3)
    daemons (1.1.8)
    i18n (0.6.4)
    loggability (0.6.1)
    minitest (4.7.5)
    multi_json (1.7.7)
    rjb (1.4.8)
    sequel (3.48.0)
    sqlite3 (1.3.7)
    thread_safe (0.1.0)
      atomic
    tzinfo (0.3.37)
    wordnet (1.0.0)
      loggability (~> 0.5)
      sequel (~> 3.38)
    wordnet-defaultdb (1.0.1)
      sqlite3 (~> 1.3)
      wordnet (~> 1.0.0.pre)

PLATFORMS
  ruby

DEPENDENCIES
  activesupport (~> 4.0.0.rc2)
  daemons
  stanford-core-nlp!
  wordnet-defaultdb
